GEM
  remote: https://rubygems.org/
  specs:
    parallel (1.12.0)

PLATFORMS
  ruby

DEPENDENCIES
  parallel

BUNDLED WITH
   1.16.0.pre.2
